PATH
  remote: .
  specs:
    scrape_got (0.1.0)

GEM
  remote: https://rubygems.org/
  specs:
    rake (12.3.3)

PLATFORMS
  ruby

DEPENDENCIES
  rake (~> 12.0)
  scrape_got!

BUNDLED WITH
   2.1.4
